GEM
  remote: https://rubygems.org/
  specs:
    thor (1.3.1)

PLATFORMS
  arm64-darwin-23

DEPENDENCIES
  thor

BUNDLED WITH
   2.4.19
